govsx1 1 1 1000 -1000 0 2 1 0 1 64
1 0 
0 
dgs 2 2 1023 0 0 4 1 6 1 64
4 "1:AXIAL SHIMS:z1c:0,z2c:0;"
"2:NON AXIAL SHIMS:x1:0,y1:0,xz:0,yz:0,xy:0,x2y2:0;"
"4:AUTOMATION:method,wshim,load,,spin:0,gain:0,alock,loc:0;"
"4:SPECIAL:temp;"
0 
ay0 1 1 2 0 0 2 1 0 1 64
1 1.00664 
0 
aipScanMenu 2 2 8 0 0 2 1 0 1 64
1 "fdf"
0 
acqstatus 7 1 32767 0 0 2 1 256 1 64
2 101 0 
0 
X0 1 1 10 -10 0 2 1 0 1 64
1 0.203 
0 
ID 2 2 8 0 0 2 1 0 1 64
1 "null"
0 
DAC_xz 7 1 32767 -32767 1 2 1 0 1 64
1 -96 
0 
B1_auto 2 2 8 0 0 2 1 0 1 64
1 "y"
2 "y" "n" 
B0 1 1 9.99999984307e+17 -9.99999984307e+17 0 2 1 0 1 64
1 94002.4511269 
0 
DAC_x2y2 7 1 32767 -32767 1 2 1 0 1 64
1 -290 
0 
B1_level 2 2 8 0 0 2 1 0 1 64
1 "high"
2 "low" "high" 
DAC_xy 7 1 32767 -32767 1 2 1 0 1 64
1 88 
0 
H1reffrq 1 1 9.99999984307e+17 -9.99999984307e+17 0 2 1 0 1 64
1 399.7182
0 
DAC_yz 7 1 32767 -32767 1 2 1 0 1 64
1 122 
0 
VOIprof 2 2 8 0 0 2 1 0 1 64
1 "n"
4 "n" "X" "Y" "Z" 
OVSprof 2 2 8 0 0 2 1 0 1 64
1 "n"
4 "n" "X" "Y" "Z" 
L 1 1 9.99999984307e+17 -9.99999984307e+17 0 3 1 0 1 64
9 1 1 1 1 1 1 1 1 1 
0 
RMScurrentlimit 1 1 9.99999984307e+17 -9.99999984307e+17 0 2 1 0 1 64
1 150 
0 
X 1 1 1e+18 -1e+18 0 2 1 0 1 64
1 0 
0 
acqcycles 1 1 9.99999984307e+17 -9.99999984307e+17 0 2 1 0 1 64
1 1 
0 
Z 1 1 1e+18 -1e+18 0 2 1 0 1 64
1 0 
0 
Y0 1 1 10 -10 0 2 1 0 1 64
1 0.783 
0 
Y 1 1 1e+18 -1e+18 0 2 1 0 1 64
1 0 
0 
Z0 1 1 10 -10 0 2 1 0 1 64
1 0 
0 
acqdim 7 1 1000000000 -1000000000 0 2 1 0 1 64
1 1 
0 
acqpath 2 2 8 0 0 2 1 0 1 64
1 ""
0 
aipFid 2 2 8 0 0 2 1 0 1 64
1 ""
0 
advancedRF 2 2 8 0 0 2 1 0 1 64
1 "n"
0 
adiabat 2 2 8 0 0 2 1 0 1 64
1 "y"
0 
actionid 2 2 8 0 0 4 1 0 1 64
1 "n004"
0 
adirtmplt 2 2 8 0 0 2 1 0 1 64
1 ""
0 
adir2tmplt 2 2 8 0 0 2 1 0 1 64
1 ""
0 
aipDir 2 2 8 0 0 2 1 0 1 64
1 ""
0 
aig 2 2 2 0 0 4 1 1 1 64
1 "ai"
2 "nm" "ai" 
age 1 1 9.9e+17 0 0.001 3 1 0 1 64
1 0 
0 
aipFDFMenu 2 2 8 0 0 2 1 0 1 64
1 "off"
0 
aipFDF 2 2 8 0 0 2 1 0 1 64
1 ""
0 
aipFDFtosq 2 2 8 0 0 2 1 0 1 64
1 ""
0 
aipPTag 2 2 8 0 0 2 1 0 1 64
1 "n"
0 
aipFidMenu 2 2 8 0 0 2 1 0 1 64
1 "off"
0 
aipFormat 2 2 8 0 0 2 1 0 1 64
1 ""
0 
aipRunTime 2 2 8 0 0 2 1 0 1 64
1 "dicom"
0 
aipPath 2 2 8 0 0 2 1 0 1 64
1 ""
0 
aipScale 1 1 9.99999984307e+17 -9.99999984307e+17 0 3 1 0 1 64
1 1 
0 
arraystart 7 1 32767 0 0 2 1 0 1 64
1 1 
0 
apptype 2 2 8 0 0 4 1 0 1 64
1 "steam9T"
0 
alock 2 2 8 0 0 2 1 0 1 64
1 "n"
5 "a" "n" "s" "u" "y" 
alfa 6 1 13 13 13 2 1 8194 1 64
1 6.6 
0 
aipStudyMenu 2 2 8 0 0 2 1 0 1 64
1 "off"
0 
aipStudy 2 2 8 0 0 2 1 0 1 64
1 ""
0 
aipSubdir 2 2 8 0 0 2 1 0 1 64
1 ""
0 
allvolumes 2 2 8 0 0 2 1 0 1 64
1 "y"
0 
anatomy 2 2 8 0 0 2 1 0 1 64
1 ""
0 
ampmode 2 2 8 0 0 2 1 0 1 64
1 "pp"
0 
ap 2 2 1023 0 0 4 1 6 1 64
17 "1:DATE:date,;"
"1:FILENAME:file,;"
"1:ACQUISITION:sfrq:3,tn,at:6,np:0,sw:1,ni:0,nf:0,gain,ss:0,nt:0,ct:0,;"
"1:PULSE PATTERNS:pwpat,pw:0,pipat1,pipat2,invpw:0,tpwr,;"
"1:DELAYS:tr:4,te1:4,te2:4,tau:4,;"
"1:CENTER_OF_ROI_cm:tof:1,X0:2,Y0:2,Z0:2,;"
"1:SIZE_OF ROI:lro:2,thk:2,;"
"2:    :,;"
"2:PROJECTIONS:maxproj,off,;"
"2:FLAGS:epi,il,dp,;"
"2:GRADIENT_COIL:gcoil,gmax:2,trise:6,;"
"2:GRADIENT_WIDTH:tramp:6,tror:6,tssr:6,trew:6,tgsettle:6,;"
"2:GRADIENT_ADJ:kread:6,kslice:6,krew:6,;"
"2:SPOILER_GRADIENT:gspoil:0,tspoil:3,;"
"2:PROCESSING:fn:0,cf(nf):0,lb(lb):5,sb(sb):5,sbs(sbs):5,gf(gf):5,gfs(gfs):5,awc(awc):5,lsfid(lsfid):0,wexp,;"
"2:CHART:vs:2,;"
"2(intmod <> 'off'):INTEGRAL:ins:2,is:2,;"
0 
arraydodc 4 2 4 0 0 2 1 0 1 64
1 "n"
0 
array 2 2 256 0 0 2 1 1 1 64
1 ""
0 
archivedir 2 2 8 0 0 2 1 0 1 64
1 ""
0 
arraydim 7 1 32768 1 1 2 1 5 1 64
1 1 
0 
arraydelta 7 1 32767 0 0 2 1 0 1 64
1 1 
0 
arrayflip 4 2 4 0 0 2 1 0 1 64
1 "n"
0 
arrayelemts 1 1 1e+18 -1e+18 0 2 1 0 1 64
1 0 
0 
arraydscale 4 2 4 0 0 2 1 0 1 64
1 "n"
0 
arraymax 7 1 32767 0 0 4 1 0 1 64
1 7 
0 
awc1 1 1 1 -1 0.001 3 1 1 0 64
1 0 
0 
at 1 1 14 14 14 2 1 8203 1 64
1 0.512 
0 
arraywhitewash 4 2 4 0 0 4 1 0 1 64
1 "n"
0 
arraystop 7 1 32767 0 0 2 1 0 1 64
1 7 
0 
asym 1 1 1 0 0 2 1 0 1 64
1 0.22 
0 
avwdir 2 2 8 0 0 3 1 0 1 64
1 ""
0 
autoph 2 2 8 0 0 2 1 0 1 64
1 "y"
2 "n" "y" 
awc 1 1 1 -1 0.001 3 1 1 0 64
1 0 
0 
ax3 1 1 5 -5 0 2 1 0 1 64
1 -0.1 
0 
ax1 1 1 5 -5 0 2 1 0 1 64
1 -0.01581 
0 
ax0 1 1 2 0 0 2 1 0 1 64
1 0.99144 
0 
ax2 1 1 5 0 0 2 1 0 1 64
1 3.28517 
0 
axis 4 2 4 0 0 4 1 0 1 64
1 "h"
11 "c" "d" "1" "2" "3" "h" "k" "m" "n" "p" "u" 
ax4 1 1 5 0 0 2 1 0 1 64
1 0.5 
0 
axisf 4 2 4 0 0 4 1 0 1 64
1 "s"
4 "m" "n" "s" "u" 
dataProcessed 1 1 9.99999984307e+17 -9.99999984307e+17 0 3 1 0 1 64
1 0 
0 
cnt 1 1 9.99999984307e+17 -9.99999984307e+17 0 3 1 0 1 64
1 57 
0 
celem 1 1 9.99999984307e+17 0 0 2 1 0 1 64
1 1 
0 
az3 1 1 5 -5 0 2 1 0 1 64
1 0.02498 
0 
ay4 1 1 10 0 0 2 1 0 1 64
1 0.16 
0 
ay2 1 1 10 0 0 2 1 0 1 64
1 0.91779 
0 
ay1 1 1 10 -10 0 2 1 0 1 64
1 0.05705 
0 
ay3 1 1 50 -50 0 2 1 0 1 64
1 -7 
0 
az1 1 1 10 -10 0 2 1 0 1 64
1 0.27792 
0 
az0 1 1 2 0 0 2 1 0 1 64
1 1.01044 
0 
az2 1 1 5 0 0 2 1 0 1 64
1 0.5258 
0 
birthday 2 2 8 0 0 3 1 0 1 64
4 ""
""
""
""
0 
az4 1 1 10 0 0 2 1 0 1 64
1 6.19056 
0 
b0delay 6 1 13 13 13 2 1 8192 1 64
1 0 
0 
bs 7 1 32767 0 1 2 1 0 1 64
1 8 
0 
boresize 1 1 10000 0 0 2 1 0 1 64
1 15 
0 
bvalue 1 1 9.99999984307e+17 -9.99999984307e+17 0 3 1 0 1 64
1 0 
0 
chpw 6 1 13 13 13 2 1 8192 1 64
1 14000 
0 
chpat 2 2 8 0 0 2 1 0 1 64
1 "gauss"
0 
cf 7 1 32767 0 1 3 1 1 1 64
1 1 
0 
chtof 5 1 1000000000 -1000000000 0 2 1 0 1 64
1 -1293.9 
0 
chpwr 7 1 127 0 1 2 1 2 1 64
1 0 
0 
cutoff 1 1 1000000 -1000000 0 4 1 0 0 64
1 200 
0 
ct 7 1 1000000000 0 1 2 1 6 1 64
1 1 
0 
cppauseflg 4 2 4 0 0 4 1 0 1 64
1 "n"
0 
console 2 2 8 0 0 2 1 0 1 64
1 "vnmrs"
0 
comment 2 2 8 0 0 3 1 0 1 64
1 ""
0 
cp 2 2 1 0 0 2 1 0 1 64
1 "y"
2 "y" "n" 
cr1 1 1 1000000000 -1000000000 0 4 1 3 1 64
1 0 
0 
cr 1 1 1000000000 -1000000000 0 4 1 1 1 64
1 0 
0 
crf 1 1 9.99999984307e+17 -9.99999984307e+17 0 4 1 0 1 64
1 0 
0 
currentlimit 1 1 9.99999984307e+17 -9.99999984307e+17 0 2 1 0 1 64
1 300 
0 
current 1 1 9.99999984307e+17 -9.99999984307e+17 0 3 1 0 1 64
1 0 
0 
customflag 4 2 4 0 0 2 1 0 1 64
1 "n"
0 
d2 1 1 9.99999984307e+17 -9.99999984307e+17 0 2 1 0 1 64
1 0 
0 
d14 3 1 14 14 14 2 1 8192 1 64
1 0.004 
0 
d12 3 1 14 14 14 2 1 8192 1 64
1 0.002 
0 
d1 3 1 14 14 14 2 1 8192 1 64
1 0 
0 
d13 3 1 14 14 14 2 1 8192 1 64
1 0.004 
0 
d16 3 1 0.005 -0.005 1e-06 2 1 2 1 64
1 0 
0 
d4 3 1 14 14 14 2 1 8192 1 64
1 0 
0 
d3array 7 1 32767 0 0 2 1 0 1 64
1 0 
0 
d2array 7 1 32767 0 0 2 1 0 1 64
1 0 
0 
d7 3 1 14 14 14 2 1 8192 1 64
1 0.001 
0 
d5 3 1 14 14 14 2 1 8192 1 64
1 0 
0 
dfrq 5 1 1000000000 -1000000000 0 2 1 8 1 64
1 100.648193 
0 
dcrmv 4 2 9.99999984307e+17 -9.99999984307e+17 0 4 1 0 1 64
1 "n"
2 "y" "n" 
datname 2 2 8 0 0 3 1 0 1 64
1 ""
0 
date 2 2 9 0 0 2 1 1 1 64
1 "Mar  4 2019"
0 
dataid 2 2 8 0 0 3 1 0 1 64
1 ""
0 
dcoil 1 1 255 0 1 2 1 0 1 64
1 0 
0 
dcg 2 2 3 0 0 4 1 1 1 64
1 ""
2 "dc" "cdc" 
dconi 2 2 8 0 0 4 1 0 1 64
1 "dcon,gray,linear"
0 
delta1 1 1 5000000 0 0 4 1 3 1 64
1 0 
0 
delta 1 1 5000000 0 0 4 1 1 1 64
1 278.167724609 
0 
decamp 2 2 8 0 0 2 1 9 1 64
1 "analogic"
3 "analogic" "ar" "arcw" 
deltaf 1 1 100 0 0 4 1 0 1 64
1 0.0197 
0 
deltaVOI 1 1 10 -10 0 2 1 0 1 64
1 0 
0 
denergy 1 1 100000000 0 0 2 1 1 1 64
1 14000 
0 
dg 2 2 1023 0 0 4 1 6 1 64
9 "1:ACQUISITION:sfrq:3,tn,at:3,np:0,sw:1,tr:3,te:4,tm:4,tof:1,ss,nt,ct,gain,tpwr90,,gcoil;"
"2:STEAM_PULSES:p1pat,p2pat,p3pat,pw90,;"
"2:CENTER_OF_VOI_cm:resto:1,deltaVOI,X0:2,Y0:2,Z0:2,;"
"2:SIZE_OF_VOI_mm:lx:1,ly:1,lz:1;"
"3:WATER_SUPPRESSION:ws,rf,pwpat,satof:1,pw,tpwr,tws7:4,;"
"3:TM_CHESS_PULSE:tm_chess,p4pat,pwtm,tpwrtm,;"
"3:RF_AMPLIFIER:ampmode,;"
"4:SAMPLE:file,;4:DATE:date,;"
"4:FLAGS:kn_calc,ir,OVSprof,VOIprof,autoph,trig1:0;"
0 
dfrq5 1 1 1000000000 0 0 2 1 9 1 64
1 0 
0 
dfrq3 1 1 1000000000 0 0 2 1 9 1 64
1 0 
0 
dfrq2 1 1 1000000000 0 0 2 1 9 1 64
1 0 
0 
dfrq4 1 1 1000000000 0 0 2 1 9 1 64
1 0 
0 
dfrq7 1 1 1000000000 0 0 2 1 9 1 64
1 0 
0 
dfrq6 1 1 1000000000 0 0 2 1 9 1 64
1 0 
0 
dfrq8 1 1 1000000000 0 0 2 1 9 1 64
1 0 
0 
dg3 2 2 8 0 0 4 1 4 1 64
7 "1:OVS:ovs1,ovs2,ovs3,ovs4,dtpwrsx,dtpwrsy,dtpwrsz,dtpwrs,dtpwrsyd,;"
"1:INVERSION:ir,pipat,pwi,tpwri,tir:3;"
"2:OVS:pspat,pws2bw:2,pws,thkx:2,thkyu:2,thkyd:2,thkz:2,dovs,d7:3,d12:3,d13:3,d14:3,;"
"3:OVS_GRADIENTS:govsz1,govsz2,govsx1,govsy1,,govsz3,govsz4,govsx2,govsy2,,govsz5,govsz6,govsx3,govsy3,,govsz7;"
"4:PROFILES:OVSprof,VOIprof,lro:2,tror:4,;"
"4:CORRECTION_PARAM:kn_calc,kx(kn_calc='n'):3,ky(kn_calc='n'):3,kz(kn_calc='n'):3,asym:3,;"
"4:PHASE_CYCLE:autoph,noph:0;"
0 
dg2 2 2 8 0 0 4 1 4 1 64
7 "1:STEAM_GRADIENTS:gxd:2,gyd:2,gzr:2,tdef:6,tref:6,,gysp1:2,gzsp1:2,tspoil1:6,gxsp:2,gysp:2,gzsp:2,tspoil2:6,tramp1:6,,gcrush:2;"
"2:WATER_SUPP:ws,rf,satof:1,tpwr,pwpat,pw,dtpwr,tws1:3,tws2:3,tws3:3,tws4:3,tws5:3,tws6:3,tws7:3,;"
"3:WS_CRUSHERS:gx1(gx1):2,gy1(gy1):2,gz1(gz1):2,gx2(gx2):2,gy2(gy2):2,gz2(gz2):2,gx3(gx3):2,gy3(gy3):2,gz3(gz3):2,gx4(gx4):2,gy4(gy4):2,gz4(gz4):2,gx5(gx5):2,gy5(gy5):2,gz5(gz5):2,gx6(gx6):2,gy6(gy6):2,gz6(gz6):2,gx7(gx7):2,gy7(gy7):2,gz7(gz7):2,,twspoil:6,tramp:6,;"
"3:GRADIENT_COIL:gcoil;"
"4:TM_CHESS_PULSE:tm_chess,p4pat,pwtm,tpwrtm,;"
"4:PRINT_CALC_PARAM:pr_steam,pr_ovs,pr_prof,pr_karr,;"
"4:PHASE_ADJ:d16:6,;"
0 
dg1 2 2 1023 0 0 4 1 6 1 64
1 "1:DISPLAY:sp:1,wp:1,vs:0;1:REFERENCE:rfl:1,rfp:1,cr:1,delta:1;1:PHASE:lp:1,rp:1,rp1(ni):1,lp1(ni):1;2:CHART:sc:0,wc:0,hzmm:2,vp:0,axis,pltmod,,th:0,,ho:2,vo:2,,rplot,trace:2;3(ni):2D:sp1:1,wp1:1,sc2:0,wc2:0,rfl1:1,rfp1:1;3:FLAGS:aig*,dcg*,dmg*;3:FID:sf:3,wf:3,vf:0;4:INTEGRAL:intmod,is:2,ins:3,io:0,,lvl:3,tlt:3;"
0 
dg4 2 2 1023 0 0 4 1 6 1 64
4 "1:kx:ax0:4,ax1:4,ax2:4,ax3:4,ax4:4,;"
"2:ky:ay0:4,ay1:4,ay2:4,ay3:4,ay4:4,;"
"3:kz:az0:4,az1:4,az2:4,az3:4,az4:4,;"
"4:GRADIENT_ADJ:kn_calc,gcoil_def,kx:4,ky:4,kz:4;"
0 
dss_wc 1 1 9.99999984307e+17 -9.99999984307e+17 0 4 1 0 1 64
1 33.5714285714 
0 
dof 5 1 8 8 8 2 1 8202 1 64
1 0 
0 
dmm3 4 2 4 0 0 2 1 0 1 64
1 "c"
9 "c" "f" "g" "m" "p" "r" "u" "w" "x" 
dm7 4 2 4 0 0 2 1 0 1 64
1 "n"
4 "a" "n" "s" "y" 
dlp 7 1 10 10 10 2 1 8194 0 64
1 0 
0 
dimY 2 2 8 0 0 2 1 0 1 64
1 "lro"
0 
dhp 1 1 9 9 9 2 1 8192 0 64
1 0 
0 
dimX 2 2 8 0 0 2 1 0 1 64
1 "lpe"
0 
disCmd 2 2 8 0 0 4 1 0 1 64
1 "ds"
0 
dimZ 2 2 8 0 0 2 1 0 1 64
1 "lpe2"
0 
displaymode 4 2 9.99999984307e+17 -9.99999984307e+17 0 4 1 0 1 64
1 "r"
6 "r" "i" "a" "e" "z" "s" 
dm3 4 2 4 0 0 2 1 0 1 64
1 "n"
4 "a" "n" "s" "y" 
dm2 4 2 4 0 0 2 1 0 1 64
1 "n"
4 "a" "n" "s" "y" 
dm 4 2 4 0 0 2 1 0 1 64
1 "nnnn"
4 "a" "n" "s" "y" 
dm5 4 2 4 0 0 2 1 0 1 64
1 "n"
4 "a" "n" "s" "y" 
dm4 4 2 4 0 0 2 1 0 1 64
1 "n"
4 "a" "n" "s" "y" 
dm6 4 2 4 0 0 2 1 0 1 64
1 "n"
4 "a" "n" "s" "y" 
dmf5 7 1 2000000 1 0 2 1 2 1 64
1 200 
0 
dmf2 7 1 2000000 1 0 2 1 2 1 64
1 200 
0 
dmf 7 1 11 11 11 2 1 8194 1 64
1 200 
0 
dm8 4 2 4 0 0 2 1 0 1 64
1 "n"
4 "a" "n" "s" "y" 
dmf4 7 1 2000000 1 0 2 1 2 1 64
1 200 
0 
dmf3 7 1 2000000 1 0 2 1 2 1 64
1 200 
0 
dmg 2 2 2 0 0 4 1 3 1 64
1 "ph"
0 
dmf7 7 1 2000000 1 0 2 1 2 1 64
1 200 
0 
dmf6 7 1 2000000 1 0 2 1 2 1 64
1 200 
0 
dmf8 7 1 2000000 1 0 2 1 2 1 64
1 200 
0 
dmm 4 2 4 0 0 2 1 0 1 64
1 "cccc"
9 "c" "f" "g" "m" "p" "r" "u" "w" "x" 
dmg1 2 2 8 0 0 4 1 0 1 64
1 ""
4 "" "av1" "ph1" "pwr1" 
dmm2 4 2 4 0 0 2 1 0 1 64
1 "c"
9 "c" "f" "g" "m" "p" "r" "u" "w" "x" 
dn2 2 2 8 0 0 2 1 8 1 64
1 ""
0 
dmm7 4 2 4 0 0 2 1 0 1 64
1 "c"
5 "c" "f" "n" "p" "w" 
dmm5 4 2 4 0 0 2 1 0 1 64
1 "c"
5 "c" "f" "n" "p" "w" 
dmm4 4 2 4 0 0 2 1 0 1 64
1 "c"
5 "c" "f" "n" "p" "w" 
dmm6 4 2 4 0 0 2 1 0 1 64
1 "c"
5 "c" "f" "n" "p" "w" 
dn 2 2 4 0 0 2 1 8 1 64
1 "C13"
0 
dmm8 4 2 4 0 0 2 1 0 1 64
1 "c"
5 "c" "f" "n" "p" "w" 
dn6 2 2 8 0 0 2 1 0 1 64
1 ""
0 
dn4 2 2 8 0 0 2 1 8 1 64
1 ""
0 
dn3 2 2 8 0 0 2 1 8 1 64
1 ""
0 
dn5 2 2 8 0 0 2 1 0 1 64
1 ""
0 
dn8 2 2 8 0 0 2 1 0 1 64
1 ""
0 
dn7 2 2 8 0 0 2 1 0 1 64
1 ""
0 
dod 3 1 14 14 14 2 1 8194 1 64
1 0 
0 
dpwr8 7 1 23 23 23 2 1 8194 1 64
1 1 
0 
dpwr 1 1 9 9 9 2 1 8192 1 64
1 0 
0 
dotflag 2 2 8 0 0 4 1 0 1 64
1 "n"
2 "n" "y" 
dof5 5 1 22 22 22 2 1 8202 1 64
1 0 
0 
dof3 5 1 20 20 20 2 1 8202 1 64
1 0 
0 
dof2 5 1 16 16 16 2 1 8202 1 64
1 0 
0 
dof4 5 1 22 22 22 2 1 8202 1 64
1 0 
0 
dof7 5 1 22 22 22 2 1 8202 1 64
1 0 
0 
dof6 5 1 22 22 22 2 1 8202 1 64
1 0 
0 
dof8 5 1 22 22 22 2 1 8202 1 64
1 0 
0 
dpf_wc2 1 1 9.99999984307e+17 -9.99999984307e+17 0 4 1 0 1 64
1 155 
0 
dp 2 2 1 0 0 2 1 8 1 64
1 "y"
2 "y" "n" 
dovs 1 1 100 -100 0 2 1 0 1 64
1 0.08 
0 
dpeak 1 1 15000 0 0 2 1 1 1 64
1 15000 
0 
dpower 1 1 15000 0 0 2 1 1 1 64
1 10 
0 
dpwr4 1 1 9 9 9 2 1 8192 1 64
1 0 
0 
dpwr2 1 1 9 9 9 2 1 8192 1 64
1 0 
0 
dpwr1 7 1 9 9 9 2 1 8192 1 64
1 0 
0 
dpwr3 1 1 9 9 9 2 1 8192 1 64
1 0 
0 
dpwr6 7 1 23 23 23 2 1 8194 1 64
1 1 
0 
dpwr5 7 1 127 0 1 2 1 0 1 64
1 0 
0 
dpwr7 7 1 23 23 23 2 1 8194 1 64
1 1 
0 
dres7 7 1 360 1 0 2 1 0 1 64
1 1 
0 
dres3 7 1 360 1 0 2 1 0 1 64
1 1 
0 
dreffrq3 1 1 9.99999984307e+17 -9.99999984307e+17 0 2 1 0 1 64
1 0 
0 
dreffrq2 1 1 9.99999984307e+17 -9.99999984307e+17 0 2 1 0 1 64
1 0 
0 
dreffrq 1 1 9.99999984307e+17 -9.99999984307e+17 0 2 1 0 1 64
1 100.639158395 
0 
dres 7 1 360 1 0 2 1 0 1 64
1 1 
0 
dreffrq4 1 1 9.99999984307e+17 -9.99999984307e+17 0 2 1 0 1 64
1 0 
0 
dres2 7 1 360 1 0 2 1 0 1 64
1 1 
0 
dres5 7 1 360 1 0 2 1 0 1 64
1 1 
0 
dres4 7 1 360 1 0 2 1 0 1 64
1 1 
0 
dres6 7 1 360 1 0 2 1 0 1 64
1 1 
0 
dseq4 2 2 8 0 0 2 1 0 1 64
1 ""
0 
dseq2 2 2 8 0 0 2 1 0 1 64
1 ""
0 
dsSelect 7 1 32767 0 0 4 1 0 1 64
7 1 2 3 4 5 6 7 
0 
dres8 7 1 360 1 0 2 1 0 1 64
1 1 
0 
dseq 2 2 8 0 0 2 1 0 1 64
1 ""
0 
dseq3 2 2 8 0 0 2 1 0 1 64
1 ""
0 
dseq7 2 2 8 0 0 2 1 0 1 64
1 ""
0 
dseq6 2 2 8 0 0 2 1 0 1 64
1 ""
0 
dseq5 2 2 8 0 0 2 1 0 1 64
1 ""
0 
dss_sc 1 1 9.99999984307e+17 -9.99999984307e+17 0 4 1 0 1 64
1 216.428571429 
0 
dseq8 2 2 8 0 0 2 1 0 1 64
1 ""
0 
dss_sc2 1 1 9.99999984307e+17 -9.99999984307e+17 0 4 1 0 1 64
1 0 
0 
fdffile 2 2 8 0 0 3 1 0 1 64
1 ""
0 
epi 2 2 8 0 0 2 1 0 1 64
1 "n"
2 "n" "y" 
dtpwrsz 7 1 20 -20 1 2 1 2 1 64
1 1 
0 
dtpwrs 7 1 20 -20 1 2 1 2 1 64
1 6 
0 
dtpwr 7 1 15 -15 1 2 1 2 1 64
1 5 
0 
dss_wc2 1 1 9.99999984307e+17 -9.99999984307e+17 0 4 1 0 1 64
1 155 
0 
dtpwrsy 7 1 20 -20 1 2 1 2 1 64
1 -3 
0 
dtpwrsx 7 1 20 -20 1 2 1 2 1 64
1 -2 
0 
dtpwrsyd 7 1 10 -20 1 2 1 2 1 64
1 4 
0 
editText 7 1 32767 0 0 3 1 0 1 64
1 0 
0 
ec 7 1 32767 0 0 3 1 0 1 64
1 1 
0 
dutyc 1 1 9.99999984307e+17 -9.99999984307e+17 0 2 1 0 1 64
1 0.1 
0 
echo 7 1 32767 0 0 3 1 0 1 64
1 1 
0 
endti 3 1 14 14 14 2 1 8192 1 64
1 1.5 
0 
element 7 1 32767 0 0 3 1 0 1 64
1 1 
0 
endvol 1 1 9.99999984307e+17 -9.99999984307e+17 0 2 1 0 1 64
1 1 
0 
exppath 2 2 8 0 0 2 1 0 1 64
1 "/lhd/home/ivan/vnmrsys/exp1/acqfil"
0 
execprescan 2 2 8 0 0 4 1 0 0 64
1 ""
0 
execplot 2 2 8 0 0 4 1 0 0 64
1 ""
0 
eqnoise 2 2 8 0 0 2 1 0 1 64
1 "n"
0 
execprep 2 2 8 0 0 4 1 0 1 64
1 "imSTEAM('prep')"
0 
execsetup 2 2 8 0 0 4 1 0 1 64
1 "imSTEAM('prep')"
0 
execprocess 2 2 8 0 0 4 1 0 0 64
1 ""
0 
fb 7 1 6 6 6 2 1 8203 1 64
1 28000 
0 
f1coef 2 2 8 0 0 3 1 1 1 64
1 ""
0 
fdfdir 2 2 8 0 0 3 1 0 1 64
1 ""
0 
gcoil 2 2 8 0 0 2 1 8 1 64
1 "rri300_40"
0 
fpmult 1 1 1000000000 0 0 3 1 0 0 64
1 1 
0 
filtfile 2 2 8 0 0 2 1 0 1 64
1 ""
0 
file 2 2 6 0 0 2 1 3 1 64
1 "exp"
0 
fidid 2 2 8 0 0 2 1 0 1 64
1 ""
0 
filter 7 1 1000000000 0 1 2 1 2 1 64
1 54.0999984741 
0 
fn 7 1 524288 8 -2 3 1 1 1 64
1 32768 
0 
fmdiam 1 1 9.99999984307e+17 -9.99999984307e+17 0 2 1 0 1 64
1 10 
0 
fn1 7 1 524288 8 -2 3 1 1 0 64
1 1024 
0 
ftproc 1 1 9.99999984307e+17 -9.99999984307e+17 0 3 1 256 1 64
2 1 0 
0 
fpmult1 1 1 1000000000 0 0 3 1 0 0 64
1 0 
0 
gain 1 1 60 0 2 2 1 0 1 64
1 20 
0 
gap 1 1 9.99999984307e+17 -9.99999984307e+17 0 2 1 0 1 64
1 0 
0 
gf 1 1 100000 0 0 3 1 1 1 64
1 0.08 
0 
gdelay 3 1 14 14 14 2 1 8192 1 64
1 0 
0 
gcr3pw 3 1 14 14 14 2 1 8192 1 64
1 0.0065 
0 
gcoil_def 2 2 8 0 0 2 1 0 1 64
1 "rri300_40"
0 
gcrush 1 1 1000 -1000 0 2 1 0 1 64
1 6 
0 
gender 2 2 8 0 0 3 1 0 1 64
1 ""
0 
gdown 2 2 8 0 0 2 1 0 1 64
1 "sinedown"
0 
gmax 1 1 9.99999984307e+17 -9.99999984307e+17 0 2 1 0 1 64
1 40 
0 
gfs 1 1 1000 -1000 0.0001 3 1 1 1 64
1 0 
0 
gf1 1 1 100000 0 0 3 1 1 0 64
1 1 
0 
gfs1 1 1 1000 -1000 0.001 3 1 1 0 64
1 0 
0 
go_id 2 2 8 0 0 2 1 7 1 64
1 "exp1.ivan.cloudy_1551729358_972399"
0 
go_Options 2 2 8 0 0 2 1 7 1 64
1 "au"
0 
pslabel 2 2 8 0 0 2 1 11 1 64
1 "STEAM9T_NEW2"
0 
n3 2 2 6 0 0 3 1 3 1 64
1 "false"
0 
homo8 4 2 4 0 0 2 1 0 1 64
1 "n"
2 "n" "y" 
gzcal 1 1 1 0 0 2 1 0 1 64
1 0.00122074037904 
0 
gx7 1 1 1000 -1000 0 2 1 0 1 64
1 7.5 
0 
govsz6 1 1 1000 -1000 0 2 1 0 1 64
1 0 
0 
govsy3 1 1 1000 -1000 0 2 1 0 1 64
1 0 
0 
govsy1 1 1 1000 -1000 0 2 1 0 1 64
1 0 
0 
govsx2 1 1 1000 -1000 0 2 1 0 1 64
1 5 
0 
govsx3 1 1 1000 -1000 0 2 1 0 1 64
1 0 
0 
govsy2 1 1 1000 -1000 0 2 1 0 1 64
1 5 
0 
govsz3 1 1 1000 -1000 0 2 1 0 1 64
1 0 
0 
govsz1 1 1 1000 -1000 0 2 1 0 1 64
1 0 
0 
govsz2 1 1 1000 -1000 0 2 1 0 1 64
1 0 
0 
govsz5 1 1 1000 -1000 0 2 1 0 1 64
1 0 
0 
govsz4 1 1 1000 -1000 0 2 1 0 1 64
1 0 
0 
gx1 1 1 1000 -1000 0 2 1 0 1 64
1 0 
0 
gs2 1 1 9.99999984307e+17 -9.99999984307e+17 0 2 1 0 1 64
1 4632 
0 
gpropdelay 6 1 13 13 13 2 1 8192 1 64
1 60 
0 
govsz7 1 1 1000 -1000 0 2 1 0 1 64
1 0 
0 
griserate 1 1 1 0 0 2 1 0 1 64
1 9.1555528428e-09 
0 
gspoil 1 1 50 -50 0 2 1 0 1 64
1 5 
0 
gsp 1 1 50 -50 0 2 1 0 1 64
1 1.25 
0 
gx 1 1 1000 -1000 0 2 1 0 1 64
1 0 
0 
gx4 1 1 1000 -1000 0 2 1 0 1 64
1 0 
0 
gx3 1 1 1000 -1000 0 2 1 0 1 64
1 0 
0 
gx2 1 1 1000 -1000 0 2 1 0 1 64
1 20 
0 
gx6 1 1 1000 -1000 0 2 1 0 1 64
1 0 
0 
gx5 1 1 1000 -1000 0 2 1 0 1 64
1 10 
0 
gy7 1 1 1000 -1000 0 2 1 0 1 64
1 7.5 
0 
gy 1 1 1000 -1000 0 2 1 0 1 64
1 0 
0 
gxmax 1 1 1000 -1000 0 2 1 0 1 64
1 40 
0 
gxd 1 1 1000 -1000 0 2 1 0 1 64
1 24 
0 
gxcal 1 1 1 0 0 2 1 0 1 64
1 0.00122074037904 
0 
gxdelay 6 1 13 13 13 2 1 8192 1 64
1 0 
0 
gxsp 1 1 1000 -1000 0 2 1 0 1 64
1 7.5 
0 
gxr 1 1 1000 -1000 0 2 1 0 1 64
1 0 
0 
gy4 1 1 1000 -1000 0 2 1 0 1 64
1 10 
0 
gy2 1 1 1000 -1000 0 2 1 0 1 64
1 0 
0 
gy1 1 1 1000 -1000 0 2 1 0 1 64
1 20 
0 
gy3 1 1 1000 -1000 0 2 1 0 1 64
1 0 
0 
gy6 1 1 1000 -1000 0 2 1 0 1 64
1 0 
0 
gy5 1 1 1000 -1000 0 2 1 0 1 64
1 0 
0 
gz 1 1 1000 -1000 0 2 1 0 1 64
1 0 
0 
gymax 1 1 1000 -1000 0 2 1 0 1 64
1 40 
0 
gyd 1 1 1000 -1000 0 2 1 0 1 64
1 20 
0 
gycal 1 1 1 0 0 2 1 0 1 64
1 0.00122074037904 
0 
gydelay 6 1 13 13 13 2 1 8192 1 64
1 0 
0 
gysp 1 1 1000 -1000 0 2 1 0 1 64
1 25 
0 
gyr 1 1 1000 -1000 0 2 1 0 1 64
1 0 
0 
gysp1 1 1 1000 -1000 0 2 1 0 1 64
1 20 
0 
gz4 1 1 1000 -1000 0 2 1 0 1 64
1 0 
0 
gz2 1 1 1000 -1000 0 2 1 0 1 64
1 0 
0 
gz1 1 1 1000 -1000 0 2 1 0 1 64
1 0 
0 
gz3 1 1 1000 -1000 0 2 1 0 1 64
1 20 
0 
gz6 1 1 1000 -1000 0 2 1 0 1 64
1 10 
0 
gz5 1 1 1000 -1000 0 2 1 0 1 64
1 0 
0 
gz7 1 1 1000 -1000 0 2 1 0 1 64
1 5 
0 
hdseq 2 2 8 0 0 2 1 0 1 64
1 ""
0 
hdfrqw 1 1 9.99999984307e+17 -9.99999984307e+17 0 2 1 256 0 64
1 10 
0 
gzr 1 1 1000 -1000 0 2 1 0 1 64
1 16 
0 
gzdelay 6 1 13 13 13 2 1 8192 1 64
1 0 
0 
gzd 1 1 1000 -1000 0 2 1 0 1 64
1 0 
0 
gzmax 1 1 1000 -1000 0 2 1 0 1 64
1 40 
0 
gzsp1 1 1 1000 -1000 0 2 1 0 1 64
1 20 
0 
gzsp 1 1 1000 -1000 0 2 1 0 1 64
1 25 
0 
hdfrqc 5 1 1000000000 -1000000000 0 2 1 256 0 64
1 0 
0 
hdpwr 7 1 49 -16 1 2 1 2 1 64
1 1 
0 
hdof 5 1 7 7 7 2 1 8194 1 64
1 0 
0 
hdmf 1 1 9.99999984307e+17 -9.99999984307e+17 0 2 1 0 1 64
1 600 
0 
hdpsmode 4 2 4 0 0 2 1 0 1 64
1 "n"
0 
hdres 1 1 9.99999984307e+17 -9.99999984307e+17 0 2 1 0 1 64
1 9 
0 
hdpwrf 1 1 4095 0 0 2 1 0 1 64
1 4095 
0 
homo2 4 2 4 0 0 2 1 0 1 64
1 "n"
2 "n" "y" 
ho 1 1 500 -500 0 4 1 1 1 64
1 -36.0714285714 
0 
hdwave 2 2 8 0 0 2 1 0 1 64
1 "SEDUCE1"
0 
height 1 1 9.9e+17 0 0.001 3 1 0 1 64
1 0 
0 
homo 2 2 8 0 0 2 1 8 1 64
1 "n"
2 "n" "y" 
homo5 4 2 4 0 0 2 1 0 1 64
1 "n"
2 "n" "y" 
homo4 4 2 4 0 0 2 1 0 1 64
1 "n"
2 "n" "y" 
homo3 4 2 4 0 0 2 1 0 1 64
1 "n"
2 "n" "y" 
homo7 4 2 4 0 0 2 1 0 1 64
1 "n"
2 "n" "y" 
homo6 4 2 4 0 0 2 1 0 1 64
1 "n"
2 "n" "y" 
liamp 1 1 1000000000 0 0 4 1 0 0 64
3 -0.0258095138979 74.2056717221 0.00541687011719 
0 
ir 4 2 4 0 0 2 1 0 1 64
1 "n"
2 "y" "n" 
ins2 1 1 9.99999984307e+17 -9.99999984307e+17 0 4 1 0 1 64
1 100 
0 
imMG 2 2 8 0 0 2 1 0 1 64
1 "n"
0 
ident 2 2 8 0 0 3 1 0 1 64
1 ""
0 
hst 3 1 0.02 0 2.5e-08 2 1 2 1 64
1 0 
0 
hs 4 2 4 0 0 2 1 0 1 64
1 "n"
2 "n" "y" 
hzmm 1 1 1000000000 -1000000000 0 4 1 11 1 64
1 1.6 
0 
imIM 2 2 8 0 0 2 1 0 1 64
1 "n"
0 
il 2 2 1 0 0 2 1 0 1 64
1 "n"
2 "y" "n" 
imIR 2 2 8 0 0 2 1 0 1 64
1 "n"
0 
in 4 2 8 0 0 2 1 0 1 64
1 "n"
3 "n" "w" "y" 
imRE 2 2 8 0 0 2 1 0 1 64
1 "n"
0 
imPH 2 2 8 0 0 2 1 0 1 64
1 "n"
0 
imRF 2 2 8 0 0 2 1 0 1 64
1 "n"
0 
inpw 6 1 50000 0 0.1 2 1 0 1 64
1 50000 
0 
inpat 2 2 8 0 0 2 1 0 1 64
1 "dd4"
0 
ins 3 1 14 14 14 4 1 8195 1 64
1 1 
0 
iplanDefaultNs 1 1 9.99999984307e+17 -9.99999984307e+17 0 2 1 0 1 64
1 5 
0 
investigator 2 2 8 0 0 2 1 0 1 64
1 ""
0 
insref 1 1 9.99999984307e+17 -9.99999984307e+17 0 4 1 0 1 64
1 1e-05 
0 
ins2ref 1 1 9.99999984307e+17 -9.99999984307e+17 0 4 1 0 0 64
1 1 
0 
intmod 2 2 8 0 0 4 1 0 1 64
1 "off"
3 "off" "partial" "full" 
invpw2bw 1 1 9.99999984307e+17 -9.99999984307e+17 0 2 1 0 1 64
1 10 
0 
invpw 6 1 13 13 13 2 1 8194 1 64
1 3000 
0 
io 1 1 500 -500 0.1 4 1 1 1 64
1 20 
0 
iplanDefaultVoxSize 1 1 9.99999984307e+17 -9.99999984307e+17 0 2 1 0 1 64
1 10 
0 
iplanDefaultThk 1 1 9.99999984307e+17 -9.99999984307e+17 0 2 1 0 1 64
1 4 
0 
iplanDefaultSize 1 1 9.99999984307e+17 -9.99999984307e+17 0 2 1 0 1 64
1 5 
0 
iplanDefaultType 1 1 9.99999984307e+17 -9.99999984307e+17 0 2 1 0 1 64
1 3 
0 
iplanType 1 1 9.99999984307e+17 -9.99999984307e+17 0 2 1 0 1 64
1 3 
0 
iplanMarking 1 1 9.99999984307e+17 -9.99999984307e+17 0 4 1 0 1 64
1 0 
0 
kslice 1 1 10 -10 0 2 1 0 1 64
1 1 
0 
kread 1 1 10 -10 0 2 1 0 1 64
1 1 
0 
kepi 1 1 10 -10 0 2 1 0 1 64
11 0.9 0.92 0.94 0.96 0.98 1 1.02 1.04 1.06 1.08 1.1 
0 
is 1 1 1000000000 1e-06 0 4 1 3 1 64
1 1194.06152892 
0 
kn_calc 2 2 8 0 0 2 1 0 1 64
1 "y"
2 "n" "y" 
krew_epi 1 1 10 -10 0 2 1 0 1 64
1 1 
0 
krew 1 1 10 -10 0 2 1 0 1 64
1 1 
0 
layout 2 2 8 0 0 4 1 0 1 64
1 "steam9Tjnew"
0 
ky 1 1 100 0 0 2 1 0 1 64
1 1.013 
0 
kx 1 1 100 0 0 2 1 0 1 64
1 0.984 
0 
kz 1 1 100 0 0 2 1 0 1 64
1 1.026 
0 
lb1 1 1 100000 -100000 0 3 1 1 1 64
1 0.318309992552 
0 
lb 1 1 100000 -100000 0 3 1 1 0 64
1 1 
0 
lcpeak_ 7 1 32767 0 0 2 1 32768 1 64
1 0 
0 
macro 2 2 6 0 0 3 1 3 1 64
1 ""
0 
lro 1 1 100 0 0 2 1 0 1 64
1 5 
0 
lockgain_ 1 1 48 0 1 2 1 65552 1 64
1 0 
0 
lllabel 2 2 8 0 0 3 1 0 1 64
1 ""
0 
llamp 1 1 1000000000 0 0 4 1 0 0 64
1 0 
0 
lifrq 1 1 1000000000 -1000000000 0 4 1 0 0 64
3 2639.82772827 2339.30674962 0 
0 
llfrq 1 1 1000000000 -1000000000 0 4 1 0 0 64
1 0 
0 
loc_ 7 1 12 12 12 2 1 8201 0 64
1 0 
0 
load 2 2 8 0 0 2 1 3 1 64
1 "n"
2 "n" "y" 
lockfreq_ 5 1 160 0 1e-07 2 1 9 1 64
1 61.4385 
0 
lp1 1 1 3600 -3600 0.1 4 1 3 1 64
1 0 
0 
lockpower_ 1 1 68 0 1 2 1 65552 1 64
1 0 
0 
lockphase_ 1 1 360 0 1 2 1 65552 1 64
1 0 
0 
lp 1 1 3600 -3600 0.1 4 1 3 1 64
1 0 
0 
lpe2 1 1 9.99999984307e+17 -9.99999984307e+17 0 2 1 0 1 64
1 0 
0 
lpe 1 1 9.99999984307e+17 -9.99999984307e+17 0 2 1 0 1 64
1 1.92 
0 
lpe3 1 1 9.99999984307e+17 -9.99999984307e+17 0 2 1 0 1 64
1 0 
0 
lvl 1 1 1000000000 -1000000000 0 4 1 1 1 64
1 -1.85474154166 
0 
lsfrq 1 1 9.99999984307e+17 -9.99999984307e+17 0 3 1 0 0 64
1 0 
0 
lsfid 7 1 64000 -64000 1 3 1 0 1 64
1 0 
0 
lsfrq1 1 1 9.99999984307e+17 -9.99999984307e+17 0 3 1 0 0 64
1 0 
0 
ly 1 1 15 1 0 2 1 0 1 64
1 2 
0 
lx 1 1 15 1.5 0 2 1 0 1 64
1 3 
0 
lz 1 1 15 1.5 0 2 1 0 1 64
1 3 
0 
mlro 1 1 9.99999984307e+17 -9.99999984307e+17 0 4 1 0 1 64
1 0 
0 
mfslp 4 2 4 0 0 2 1 0 1 64
1 "n"
0 
mcoil 1 1 9.99999984307e+17 -9.99999984307e+17 0 4 1 0 1 64
1 1 
0 
maxproj 7 1 32767 0 0 2 1 0 1 64
1 6 
0 
math 2 2 1 0 0 3 1 3 1 64
1 "f"
3 "d" "f" "i" 
method 2 2 8 0 0 2 1 3 1 64
1 "/vnmr/shimmethods/z1z2"
0 
mlpe 1 1 9.99999984307e+17 -9.99999984307e+17 0 4 1 0 1 64
1 0 
0 
mlpe2 1 1 9.99999984307e+17 -9.99999984307e+17 0 4 1 0 1 64
1 0 
0 
mpss 1 1 9.99999984307e+17 -9.99999984307e+17 0 2 1 256 1 64
1 0 
0 
mpro 1 1 9.99999984307e+17 -9.99999984307e+17 0 2 1 256 1 64
1 0 
0 
mphi 2 2 8 0 0 4 1 0 1 64
1 ""
0 
modules 2 2 8 0 0 2 1 1 1 64
1 ""
0 
mppe 1 1 9.99999984307e+17 -9.99999984307e+17 0 2 1 256 1 64
1 0 
0 
mpsi 2 2 8 0 0 4 1 0 1 64
1 ""
0 
mtheta 2 2 8 0 0 4 1 0 1 64
1 ""
0 
mrgain 1 1 60 0 2 2 1 256 0 64
1 0 
0 
mrfb 1 1 256000 1000 1000 2 1 256 0 64
1 0 
0 
mstack 1 1 9.99999984307e+17 -9.99999984307e+17 0 4 1 0 1 64
1 0 
0 
n1 2 2 6 0 0 3 1 3 1 64
1 ""
0 
mthk 1 1 9.99999984307e+17 -9.99999984307e+17 0 4 1 0 1 64
1 0 
0 
n2 2 2 6 0 0 3 1 3 1 64
1 ""
0 
p4pat 2 2 0 0 0 2 1 0 1 64
1 "gauss"
0 
notebook 2 2 8 0 0 2 1 0 1 64
1 ""
0 
niftifile 2 2 8 0 0 2 1 0 1 64
1 ""
0 
neverrun 4 2 4 0 0 2 1 0 1 64
1 "n"
0 
nam_xz 2 2 8 0 0 2 1 0 1 64
1 "xz"
0 
nam_xy 2 2 8 0 0 2 1 0 1 64
1 "xy"
0 
nam_x2y2 2 2 8 0 0 2 1 0 1 64
1 "x2y2"
0 
name 2 2 8 0 0 3 1 0 1 64
1 ""
0 
nam_yz 2 2 8 0 0 2 1 0 1 64
1 "yz"
0 
nblocks 7 1 32767 0 0 2 1 0 1 64
1 1 
0 
nifti 2 2 8 0 0 2 1 0 1 64
1 "n"
0 
nf_def 7 1 32767 0 0 2 1 0 1 64
1 8 
0 
nf 7 1 32767 0 0 2 1 0 1 64
1 1 
0 
nifticycle 7 1 32767 0 0 2 1 0 1 64
1 1 
0 
niftiauto 2 2 8 0 0 2 1 0 1 64
1 "y"
0 
nifticyclebak 7 1 32767 0 0 2 1 0 1 64
1 1 
0 
niftivols 7 1 32767 0 0 2 1 0 1 64
1 1 
0 
niftitime 2 2 8 0 0 2 1 0 1 64
1 "n"
0 
niftipage 2 2 8 0 0 2 1 0 1 64
1 "n"
0 
niftifiles 7 1 32767 0 0 2 1 0 1 64
1 1 
0 
niftit 1 1 9.99999984307e+17 -9.99999984307e+17 0 2 1 0 1 64
1 1 
0 
niftitoffset 1 1 9.99999984307e+17 -9.99999984307e+17 0 2 1 0 1 64
1 0 
0 
niftitslice 1 1 9.99999984307e+17 -9.99999984307e+17 0 2 1 0 1 64
1 0 
0 
niiPH 2 2 8 0 0 2 1 0 1 64
1 "n"
0 
niiIR 2 2 8 0 0 2 1 0 1 64
1 "n"
0 
niiIM 2 2 8 0 0 2 1 0 1 64
1 "n"
0 
niiMG 2 2 8 0 0 2 1 0 1 64
1 "n"
0 
noph 7 1 32767 0 0 2 1 0 1 64
1 16 
0 
niiRE 2 2 8 0 0 2 1 0 1 64
1 "n"
0 
oscoef 7 1 49999 3 2 2 1 1 0 64
1 31 
0 
obsamp 2 2 8 0 0 2 1 9 1 64
1 "arcw"
3 "analogic" "ar" "arcw" 
numproj 1 1 9.99999984307e+17 -9.99999984307e+17 0 2 1 0 1 64
1 2 
0 
ns 1 1 9.99999984307e+17 -9.99999984307e+17 0 2 1 0 1 64
1 24 
0 
np 7 1 524288 32 2 2 1 11 1 64
1 8192 
0 
nt 7 1 1000000000 1 1 2 1 2 1 64
1 1 
0 
nv2 7 1 32767 0 0 2 1 0 1 64
1 0 
0 
opeak 1 1 15000 0 0 2 1 1 1 64
1 15000 
0 
off 7 1 32767 0 0 2 1 0 1 64
1 0 
0 
oenergy 1 1 100000000 0 0 2 1 1 1 64
1 14000 
0 
opower 1 1 15000 0 0 2 1 1 1 64
1 10 
0 
operator_ 2 2 128 0 0 2 1 32772 1 64
1 "ivan"
0 
orient 2 2 8 0 0 2 1 8 1 64
1 "trans"
14 "trans" "sag" "cor" "oblique" "3orthogonal" "xyz" "xzy" "yxz" "yzx" "zxy" "zyx" "sag90" "cor90" "trans90" 
ovs4 2 2 8 0 0 2 1 0 1 64
1 "y"
2 "y" "n" 
oversamp 7 1 68 0 1 2 1 9 1 64
1 1 
0 
osfilt 2 2 8 0 0 2 1 0 1 64
1 "a"
5 "a" "A" "b" "B" "" 
osfb 1 1 100000 0 0 2 1 1 0 64
1 0 
0 
oslsfrq 1 1 9.99999984307e+17 -9.99999984307e+17 0 2 1 1 0 64
1 0 
0 
ovs2 2 2 8 0 0 2 1 0 1 64
1 "y"
2 "y" "n" 
ovs1 2 2 8 0 0 2 1 0 1 64
1 "y"
2 "y" "n" 
ovs3 2 2 8 0 0 2 1 0 1 64
1 "y"
2 "y" "n" 
p2pat 2 2 0 0 0 2 1 0 1 64
1 "P11"
0 
p11console 2 2 8 0 0 2 1 0 1 64
1 ""
0 
p1 6 1 13 13 13 2 1 8194 1 64
1 0 
0 
p1pat 2 2 0 0 0 2 1 0 1 64
1 "P10"
0 
p4 6 1 13 13 13 2 1 8192 1 64
1 0 
0 
p3pat 2 2 0 0 0 2 1 0 1 64
1 "P10"
0 
position2 2 2 8 0 0 3 1 0 1 64
1 ""
0 
pipat 2 2 0 0 0 2 1 0 1 64
1 "hs10"
0 
parver 2 2 8 0 0 2 1 0 1 64
1 "VnmrJ VERSION 4.2 REVISION A"
0 
paramChanged 1 1 9.99999984307e+17 -9.99999984307e+17 0 2 1 0 1 64
1 0 
0 
pad 3 1 14 14 14 2 1 8194 1 64
1 0 
0 
p5 6 1 13 13 13 2 1 8192 1 64
1 0 
0 
page 2 2 8 0 0 2 1 0 1 64
1 ""
0 
parstyle_ 2 2 8 0 0 4 1 0 1 64
1 "ppa"
0 
phfid 1 1 3600 -3600 0.1 3 1 0 0 64
1 0 
0 
peccfile 2 2 8 0 0 2 1 0 1 64
1 ""
0 
parversion 1 1 9.99999984307e+17 -9.99999984307e+17 0 2 1 4 1 64
1 5.1 
0 
phase 7 1 4 0 1 2 1 0 1 64
1 0 
0 
phi 1 1 9.99999984307e+17 -9.99999984307e+17 0 2 1 8 1 64
1 0 
0 
phfid1 1 1 3600 -3600 0.1 3 1 0 0 64
1 0 
0 
pilot 4 2 0 0 0 2 1 0 1 64
1 "y"
0 
pmode 2 2 8 0 0 3 1 0 1 64
1 "partial"
0 
planValue 2 2 8 0 0 2 1 0 1 64
1 "standard getCurrentStacks"
0 
planSs 1 1 9.99999984307e+17 -9.99999984307e+17 0 4 1 0 1 64
1 1 
0 
pkpick_ 2 2 8 0 0 4 1 0 1 64
1 ""
0 
plt2Darg 2 2 8 0 0 4 1 272 1 64
5 "pos"
"7"
"1.5"
"top"
"side"
0 
plotoption 2 2 8 0 0 4 1 0 1 64
1 ""
0 
pltmod 2 2 8 0 0 4 1 0 1 64
1 "off"
5 "off" "fixed" "full" "variable" "user" 
posX 2 2 8 0 0 2 1 0 1 64
1 "ppe"
0 
pos2 1 1 9.99999984307e+17 -9.99999984307e+17 0 2 1 0 1 64
1 -0.783 
0 
pos1 1 1 9.99999984307e+17 -9.99999984307e+17 0 2 1 0 1 64
1 0.203 
0 
pos3 1 1 9.99999984307e+17 -9.99999984307e+17 0 2 1 0 1 64
1 0 
0 
posZ 2 2 8 0 0 2 1 0 1 64
1 "pss0"
0 
posY 2 2 8 0 0 2 1 0 1 64
1 "pro"
0 
position1 2 2 8 0 0 3 1 0 1 64
1 ""
0 
print_freq 2 2 8 0 0 2 1 0 1 64
1 "n"
2 "n" "y" 
pr_steam 2 2 8 0 0 2 1 0 1 64
1 "y"
2 "n" "y" 
pr_karr 2 2 8 0 0 2 1 0 1 64
1 "y"
2 "n" "y" 
ppe2 1 1 9.99999984307e+17 -9.99999984307e+17 0 2 1 0 1 64
1 0 
0 
ppe 1 1 9.99999984307e+17 -9.99999984307e+17 0 2 1 0 1 64
1 0 
0 
pr_prof 2 2 8 0 0 2 1 0 1 64
1 "y"
2 "n" "y" 
pr_ovs 2 2 8 0 0 2 1 0 1 64
1 "y"
2 "n" "y" 
prescribed 2 2 8 0 0 2 1 0 1 64
1 "y"
0 
preacq 6 1 13 13 13 2 1 8192 0 64
1 0 
0 
prescan 2 2 8 0 0 3 1 0 1 64
8 ""
"Not Done"
"Complete"
"Not done"
"null"
"init"
""
""
0 
presig 2 2 8 0 0 2 1 0 1 64
1 "l"
3 "h" "l" "n" 
proc 2 2 8 0 0 3 1 0 1 64
1 "ft"
0 
pro 1 1 9.99999984307e+17 -9.99999984307e+17 0 2 1 0 1 64
1 0 
0 
print_index 2 2 8 0 0 2 1 0 1 64
1 "n"
2 "n" "y" 
print_grad 2 2 8 0 0 2 1 0 1 64
1 "n"
2 "n" "y" 
priority 7 1 32768 0 1 2 1 0 1 64
1 5 
0 
probestyle_ 2 2 8 0 0 2 1 0 1 64
1 ""
0 
probe_ 2 2 8 0 0 2 1 8 1 64
1 ""
0 
probetype_ 2 2 8 0 0 2 1 0 1 64
1 "liquids"
0 
processid 1 1 9.99999984307e+17 -9.99999984307e+17 0 3 1 0 1 64
1 0 
0 
proccmd 2 2 8 0 0 3 1 7 1 64
1 "ft"
0 
proc1 2 2 8 0 0 3 1 0 1 64
1 "ft"
0 
procdim 7 1 1000000000 -1000000000 0 3 1 0 1 64
1 1 
0 
protocols 2 2 8 0 0 3 1 0 1 64
1 ""
0 
protocol 2 2 8 0 0 3 1 0 1 64
1 "STEAM9T_NEW2"
0 
psi 1 1 9.99999984307e+17 -9.99999984307e+17 0 2 1 8 1 64
1 0 
0 
sreffrq 1 1 9.99999984307e+17 -9.99999984307e+17 0 2 1 0 1 64
1 399.7182 
0 
rport 2 2 8 0 0 2 1 0 1 64
1 "quad"
4 "quad" "lin" "body" "rec" 
rcoil 1 1 255 0 1 2 1 0 1 64
1 0 
0 
r5 1 1 1e+18 -1e+18 0 3 1 1 1 64
1 0 
0 
pwpat 2 2 8 0 0 2 1 0 1 64
1 "P10"
0 
pss0 1 1 9.99999984307e+17 -9.99999984307e+17 0 2 1 0 1 64
1 0.104 
0 
pss 1 1 9.99999984307e+17 -9.99999984307e+17 0 2 1 0 1 64
24 0.449 0.389 0.329 0.269 0.209 0.149 0.089 0.029 -0.031 -0.091 -0.151 -0.211 0.419 0.359 0.299 0.239 0.179 0.119 0.059 -0.001 -0.061 -0.121 -0.181 -0.241 
0 
pspat 2 2 0 0 0 2 1 0 1 64
1 "hs20"
0 
pw90 6 1 13 13 13 2 1 8194 1 64
1 500 
0 
pw 6 1 35000 0 1 2 1 2 1 64
1 25000 
0 
pwi 6 1 20000 0 1 2 1 2 1 64
1 4000 
0 
r1 1 1 1e+18 -1e+18 0 3 1 1 1 64
1 230.1075 
0 
pws2bw 1 1 10000 0 0 2 1 0 1 64
1 42 
1 42 
pws 6 1 13 13 13 2 1 8192 1 64
1 1200 
0 
pwtm 6 1 30000 0 1 2 1 2 1 64
1 15000 
0 
r3 1 1 1e+18 -1e+18 0 3 1 1 1 64
1 0 
0 
r2 1 1 1e+18 -1e+18 0 3 1 1 1 64
1 0 
0 
r4 1 1 1e+18 -1e+18 0 3 1 1 1 64
1 0 
0 
rawIM 2 2 8 0 0 2 1 0 1 64
1 "n"
0 
radialAngles 1 1 9.99999984307e+17 -9.99999984307e+17 0 4 1 0 1 64
1 361 
0 
r6 1 1 1e+18 -1e+18 0 3 1 1 1 64
1 0 
0 
r7 1 1 1e+18 -1e+18 0 3 1 1 1 64
1 0 
0 
raw 2 2 8 0 0 2 1 0 1 64
1 ""
0 
radialShift 1 1 9.99999984307e+17 -9.99999984307e+17 0 4 1 0 1 64
1 0 
0 
rawRE 2 2 8 0 0 2 1 0 1 64
1 "n"
0 
rawMG 2 2 8 0 0 2 1 0 1 64
1 "n"
0 
rawIR 2 2 8 0 0 2 1 0 1 64
1 "n"
0 
rawPH 2 2 8 0 0 2 1 0 1 64
1 "n"
0 
rc 7 1 32767 0 0 3 1 0 1 64
1 1 
0 
rf 4 2 8 0 0 2 1 0 1 64
1 "y"
0 
ref1 5 1 1000000000 -1000000000 0 3 1 0 1 64
1 0 
0 
rcvrwt 1 1 9.99999984307e+17 -9.99999984307e+17 0 2 1 256 1 64
1 1 
0 
rcvrout 2 2 8 0 0 2 1 0 1 64
1 ""
0 
rcvrs 4 2 4 0 0 2 1 1 1 64
1 "y"
2 "n" "y" 
recon 2 2 8 0 0 2 1 0 1 64
1 ""
0 
ref 1 1 9.99999984307e+17 -9.99999984307e+17 0 3 1 0 1 64
1 0 
0 
refpos1 1 1 9.99999984307e+17 -9.99999984307e+17 0 4 1 0 0 64
1 0 
0 
reffrq1 1 1 9.99999984307e+17 -9.99999984307e+17 0 4 1 0 1 64
1 399.7182 
0 
reffrq 1 1 9.99999984307e+17 -9.99999984307e+17 0 4 1 0 1 64
1 399.7182 
0 
refpos 1 1 9.99999984307e+17 -9.99999984307e+17 0 4 1 0 1 64
1 -3709.79967176 
0 
refstd_ 2 2 8 0 0 2 1 65808 1 64
1 ""
0 
refsource1 2 2 8 0 0 4 1 0 1 64
1 "sfrq"
0 
resto 5 1 1000000000 -1000000000 0 2 1 0 1 64
1 -4817.3 
0 
rof1 6 1 8190 10 0.1 2 1 2 1 64
1 16 
0 
rfl 1 1 1000000000 -1000000000 0 4 1 1 1 64
1 2489.62402344 
0 
rfchnuclei 2 2 8 0 0 2 1 256 1 64
1 ""
0 
rfband 4 2 4 0 0 2 1 0 1 64
1 "ccccc"
3 "c" "h" "l" 
rfcoil 2 2 8 0 0 2 1 0 1 64
1 "quad"
0 
rfp 1 1 1000000000 -1000000000 0 4 1 1 1 64
1 0 
0 
rfl1 1 1 1000000000 -1000000000 0 4 1 1 1 64
1 0 
0 
rfp1 1 1 1000000000 -1000000000 0 4 1 1 1 64
1 0 
0 
rp 1 1 3600 -3600 0.1 4 1 3 1 64
1 0
0 
roisf 1 1 9.99999984307e+17 -9.99999984307e+17 0 2 1 0 1 64
1 20 
0 
rof2 6 1 8190 10 0.1 2 1 2 1 64
1 16 
0 
rp1 1 1 3600 -3600 0.1 4 1 3 1 64
1 0 
0 
shimorder 1 1 9.99999984307e+17 -9.99999984307e+17 0 2 1 0 1 64
1 1 
0 
sb 1 1 1000 -1000 0 3 1 0 0 64
1 0.00126207899302 
0 
satdly 3 1 14 14 14 2 1 8192 1 64
1 0 
0 
sar 4 2 4 0 0 2 1 0 1 64
1 "y"
0 
sample 2 2 8 0 0 2 1 1 1 64
1 ""
0 
sa 7 1 10000000 0 0 3 1 1 0 64
1 1024 
0 
samplename 2 2 8 0 0 2 1 0 1 64
1 ""
0 
sas 7 1 10000000 0 0 3 1 1 0 64
1 0 
0 
satpos 1 1 9.99999984307e+17 -9.99999984307e+17 0 2 1 0 1 64
1 0 
0 
satfrq 5 1 1000000000 -1000000000 0 2 1 0 1 64
1 0 
0 
satof 5 1 100000 -100000 0.1 2 1 2 1 64
1 0 
0 
satthk 1 1 9.99999984307e+17 -9.99999984307e+17 0 2 1 0 1 64
1 0 
0 
satpwr 1 1 17 17 17 2 1 8192 1 64
1 0 
0 
saveglobal_ 2 2 8 0 0 3 1 0 1 64
21 "probe"
"lcpeak"
"loc"
"lockpower"
"lockgain"
"lockphase"
"lockfreq"
"z0"
"lkof"
"vloc"
"vrack"
"vzone"
"vproto"
"pkpick"
"parstyle"
"operator"
"studyid"
"systemname"
"probetype"
"refstd"
"probestyle"
0 
scoutnodes 2 2 8 0 0 2 1 0 1 64
1 ""
0 
sc 1 1 1 1 1 4 1 8195 1 64
1 0 
0 
sbs 1 1 1000 -1000 0 3 1 1 0 64
1 0 
0 
sb1 1 1 1000 -1000 0 3 1 1 0 64
1 0 
0 
sbs1 1 1 1000 -1000 0 3 1 1 0 64
1 0 
0 
scans 2 2 8 0 0 3 1 0 1 64
1 ""
0 
sc2 1 1 3 3 3 4 1 8195 1 64
1 0 
0 
seqfil 2 2 8 0 0 2 1 11 1 64
1 "sLASER"
0 
scoutpaths 2 2 8 0 0 2 1 0 1 64
1 "/lhd/home/ivan/vnmrsys/data/20190304_01/GEMS_small_ph_tra_01.img,/lhd/home/ivan/vnmrsys/data/20190304_01/GEMS_small_ph_sag_01.img"
0 
scoutpath 2 2 8 0 0 2 1 0 1 64
1 "/lhd/home/ivan/vnmrsys/data/20190304_01/GEMS_small_ph_tra_01.img,/lhd/home/ivan/vnmrsys/data/20190304_01/GEMS_small_ph_sag_01.img"
0 
sdirtmplt 2 2 8 0 0 2 1 0 1 64
1 ""
0 
sf1 1 1 9.99999984307e+17 -9.99999984307e+17 0 4 1 0 1 64
1 0 
0 
sf 1 1 8190 0 1e-07 4 1 3 1 64
1 0 
0 
sfrq 1 1 1000000000 0 0 2 1 11 1 64
1 399.7182 
0 
shownumy 1 1 9.99999984307e+17 -9.99999984307e+17 0 2 1 0 1 64
1 0 
0 
show_rf 7 1 32767 0 0 2 1 0 1 64
1 0 
0 
showOptions 7 1 32767 0 0 4 1 0 1 64
1 0 
0 
shimroi 7 1 32767 0 0 2 1 0 1 64
1 3 
0 
shimpanel 7 1 32767 0 0 2 1 0 1 64
1 1 
0 
shims 2 2 1023 0 0 2 1 0 1 64
1 "Zero"
0 
show_grad 7 1 32767 0 0 2 1 0 1 64
1 0 
0 
shownumbers 2 2 8 0 0 2 1 0 1 64
1 "n"
0 
showarray 2 2 8 0 0 2 1 0 1 64
1 "horiz"
0 
showcontent 2 2 8 0 0 2 1 0 1 64
1 "s"
0 
shownumx 1 1 9.99999984307e+17 -9.99999984307e+17 0 2 1 0 1 64
1 0 
0 
shownumstyle 2 2 8 0 0 2 1 0 1 64
1 "auto"
0 
sorient 2 2 8 0 0 2 1 0 1 64
1 "trans"
0 
slices 2 2 8 0 0 3 1 0 1 64
1 "single"
0 
slabix 7 1 32767 0 0 3 1 0 1 64
1 1 
0 
sl 7 1 32767 0 0 3 1 0 1 64
1 1 
0 
sliceorder 7 1 32767 0 0 4 1 0 1 64
1 0 
0 
sn 1 1 1e+18 -1e+18 0 3 1 1 1 64
1 0 
0 
smooth 7 1 5 0 1 2 1 0 1 64
1 0 
0 
solvent 2 2 8 0 0 2 1 11 1 64
1 "none"
0 
species 2 2 8 0 0 2 1 0 1 64
1 ""
0 
sp1 1 1 1000000000 -1000000000 0 4 1 3 1 64
1 0 
0 
sp 1 1 1000000000 -1000000000 0 4 1 3 1 64
1 -200.195312501 
0 
spin 1 1 39 0 1 2 1 0 0 64
1 0 
0 
sphi 1 1 9.99999984307e+17 -9.99999984307e+17 0 2 1 0 1 64
1 0 
0 
spsi 1 1 9.99999984307e+17 -9.99999984307e+17 0 2 1 0 1 64
1 0 
0 
vo 1 1 500 -500 0 4 1 1 1 64
1 0 
0 
tramp 3 1 14 14 14 2 1 8192 1 64
1 0.0005 
0 
ti 3 1 100 0 0.1 2 1 0 1 64
1 1.4 
0 
tdef 3 1 14 14 14 2 1 8192 1 64
1 0.00036 
0 
study 2 2 8 0 0 3 1 0 1 64
1 ""
0 
startvol 1 1 9.99999984307e+17 -9.99999984307e+17 0 2 1 0 1 64
1 1 
0 
ss_o 7 1 32767 0 0 2 1 0 1 64
1 0 
0 
ss 7 1 32767 -32768 0 2 1 0 1 64
1 0 
0 
step2 1 1 9.99999984307e+17 -9.99999984307e+17 0 3 1 0 1 64
1 10 
0 
step1 1 1 9.99999984307e+17 -9.99999984307e+17 0 3 1 0 1 64
1 0.5 
0 
stheta 1 1 9.99999984307e+17 -9.99999984307e+17 0 2 1 0 1 64
1 0 
0 
sw 1 1 5 5 5 2 1 8203 1 64
1 8000 
0 
svftmplt 2 2 8 0 0 2 1 0 1 64
1 "$pslabel$_$comment$_"
0 
studyid_ 2 2 8 0 0 2 1 0 1 64
1 "20190304_01"
0 
tcoil 1 1 255 0 1 2 1 0 1 64
1 0 
0 
sw1 1 1 9.99999984307e+17 -9.99999984307e+17 0 2 1 0 1 64
1 0 
0 
thk 1 1 100 0 0 2 1 0 1 64
1 0.3 
0 
tgsettle 3 1 14 14 14 2 1 8194 1 64
1 0.0001 
0 
temp 1 1 200 -150 0.1 2 1 8 1 64
1 0 
0 
te 3 1 14 14 14 2 1 8192 1 64
1 0.024 
0 
tempFTS 1 1 200 -150 0.1 2 1 1 1 64
1 25 
0 
th2d 1 1 1 1e-18 0 4 1 17 1 64
1 0.8 
0 
th 1 1 1000000000 0 0 4 1 1 1 64
1 50 
0 
theta 1 1 9.99999984307e+17 -9.99999984307e+17 0 2 1 8 1 64
1 0 
0 
thkyu 1 1 100 0 0 2 1 0 1 64
1 5 
0 
thkx 1 1 100 0 0 2 1 0 1 64
1 10 
0 
thk2fact 1 1 9.99999984307e+17 -9.99999984307e+17 0 2 1 0 1 64
1 1 
0 
thkyd 1 1 100 0 0 2 1 0 1 64
1 6 
0 
thkz 1 1 100 0 0 2 1 0 1 64
1 12 
0 
tn 2 2 4 0 0 2 1 8 1 64
1 "H1"
0 
time_submitted 2 2 8 0 0 2 1 0 1 64
1 "20190304T135558"
0 
time_plotted 2 2 8 0 0 3 1 0 1 64
1 ""
0 
time_complete 2 2 8 0 0 2 1 0 1 64
1 "20190304T135605"
0 
ticks 7 1 1000 0 1 2 1 0 1 64
1 0 
0 
time_exp 2 2 8 0 0 2 1 0 1 64
1 ""
0 
time_run 2 2 8 0 0 2 1 0 1 64
1 "20190304T135559"
0 
time_processed 2 2 8 0 0 3 1 0 1 64
1 "20190304T135605"
0 
time_saved 2 2 8 0 0 2 1 0 1 64
1 ""
0 
tir 3 1 14 14 14 2 1 8192 1 64
1 0.675 
0 
time_svfdate 2 2 8 0 0 2 1 0 1 64
1 "20190304T135558"
0 
time_submitted_local 2 2 8 0 0 2 1 0 1 64
1 "20190304T135558X01PMMonMar"
0 
tin 2 2 8 0 0 2 1 2 1 64
1 "n"
3 "n" "w" "y" 
tm 3 1 14 14 14 2 1 8192 1 64
1 0.02 
0 
tlt 1 1 1000000000 -1000000000 0 4 1 1 1 64
1 -0.212453809924 
0 
tm_chess 2 2 8 0 0 2 1 0 1 64
1 "n"
2 "n" "y" 
tport 2 2 8 0 0 2 1 0 1 64
1 "quad"
3 "quad" "lin" "body" 
toy 5 1 50000 -50000 0.1 2 1 0 1 64
1 -740.6 
0 
tox 5 1 50000 -50000 0.1 2 1 0 1 64
1 -740.6 
0 
tof 5 1 7 7 7 2 1 8202 1 64
1 -4807.3 
0 
toz 5 1 50000 -50000 0.1 2 1 0 1 64
1 -740.6 
0 
tpwrtm 7 1 40 -16 1 2 1 2 1 64
1 7 
0 
tpwr90 7 1 17 17 17 2 1 8192 1 64
1 45 
0 
tpwr 1 1 45 -16 1 2 1 2 1 64
1 11 
0 
tpwri 7 1 17 17 17 2 1 8192 1 64
1 58 
0 
tr 3 1 14 14 14 2 1 8192 1 64
1 5 
0 
trace 2 2 2 0 0 4 1 3 1 64
1 "f1"
2 "f1" "f2" 
tssr 3 1 14 14 14 2 1 8194 1 64
1 0.0012 
0 
trig1 7 1 10000 0 0 2 1 0 1 64
1 0 
0 
tref 3 1 14 14 14 2 1 8192 1 64
1 0.00044 
0 
tramp2 3 1 14 14 14 2 1 8192 1 64
1 0.0004 
0 
tramp1 3 1 14 14 14 2 1 8192 1 64
1 0.0004 
0 
triang 2 2 8 0 0 2 1 0 1 64
1 "y"
2 "n" "y" 
trew 3 1 14 14 14 2 1 8194 1 64
1 0.002 
0 
tspoil 3 1 14 14 14 2 1 8194 1 64
1 0.005 
0 
tror 3 1 14 14 14 2 1 8192 1 64
1 0.001 
0 
trise 1 1 9.99999984307e+17 -9.99999984307e+17 0 2 1 0 1 64
1 0.0003 
0 
tsp 3 1 14 14 14 2 1 8192 1 64
1 0.001 
0 
tspoil2 3 1 14 14 14 2 1 8192 1 64
1 0.002 
0 
tspoil1 3 1 14 14 14 2 1 8192 1 64
1 0.00065 
0 
tws7 3 1 14 14 14 2 1 8192 1 64
1 0.031 
0 
tws3 3 1 14 14 14 2 1 8192 1 64
1 0.16 
0 
tws1 3 1 14 14 14 2 1 8192 1 64
1 0.15 
0 
tuneport 2 2 8 0 0 2 1 0 1 64
1 "quad"
2 "quad" "tune" 
tws2 3 1 14 14 14 2 1 8192 1 64
1 0.08 
0 
tws5 3 1 14 14 14 2 1 8192 1 64
1 0.1 
0 
tws4 3 1 14 14 14 2 1 8192 1 64
1 0.08 
0 
tws6 3 1 14 14 14 2 1 8192 1 64
1 0.035 
0 
vf 1 1 1000000000 0 0 4 1 3 1 64
1 11000 
0 
username 2 2 8 0 0 2 1 0 1 64
1 "ivan"
0 
twspoil 3 1 14 14 14 2 1 8192 1 64
1 0.005 
0 
vloc_ 2 2 8 0 0 2 1 8 1 64
1 "C7"
0 
xdiag 1 1 1e+18 0 0 4 1 17 1 64
1 0 
0 
werr 2 2 6 0 0 3 1 3 1 64
1 ""
0 
vpsi 1 1 9.99999984307e+17 -9.99999984307e+17 0 2 1 0 1 64
1 0 
0 
vox1 1 1 9.99999984307e+17 -9.99999984307e+17 0 2 1 0 1 64
1 3 
0 
volumes 1 1 9.99999984307e+17 -9.99999984307e+17 0 2 1 0 1 64
1 0 
0 
volnv2 7 1 32767 0 0 2 1 0 1 64
1 0 
0 
voiprof 4 2 8 0 0 2 1 0 1 64
1 "n"
2 "n" "y" 
volumercv 2 2 8 0 0 2 1 0 1 64
1 "y"
0 
volumexmt 2 2 8 0 0 2 1 0 1 64
1 "n"
0 
vorient 2 2 8 0 0 2 1 0 1 64
1 "trans90"
0 
vpf 1 1 500 -500 0 4 1 0 1 64
1 0 
0 
vox3 1 1 9.99999984307e+17 -9.99999984307e+17 0 2 1 0 1 64
1 3 
0 
vox2 1 1 9.99999984307e+17 -9.99999984307e+17 0 2 1 0 1 64
1 2 
0 
vp 7 1 500 -500 0.1 4 1 3 1 64
1 10 
0 
vphi 1 1 9.99999984307e+17 -9.99999984307e+17 0 2 1 0 1 64
1 90 
0 
vpfi 1 1 500 -500 0 4 1 0 1 64
1 0 
0 
vproto_ 2 2 8 0 0 2 1 0 1 64
1 ""
0 
vtwait 3 1 14 14 14 2 1 8194 1 64
1 0 
0 
vsproj 1 1 1000000000 1e-06 0 4 1 3 1 64
1 2585.60399546 
0 
vs 1 1 1000000000 1e-06 0 4 1 3 1 64
1 94.9603815232 
0 
vrack_ 7 1 5 1 0 2 1 0 1 64
1 1 
0 
vs2d 1 1 1000000000 1e-06 0 4 1 3 1 64
1 2585.60399546 
0 
vtheta 1 1 9.99999984307e+17 -9.99999984307e+17 0 2 1 0 1 64
1 0 
0 
vtc 1 1 255 0 1 2 1 2 1 64
1 0 
0 
wc2 1 1 4 4 4 4 1 8195 1 64
1 155 
0 
wbs 2 2 6 0 0 3 1 3 1 64
1 ""
0 
vzone_ 7 1 15 1 0 2 1 0 1 64
1 1 
0 
wc 1 1 2 2 2 4 1 8203 1 64
1 250 
0 
weight 1 1 9.9e+17 0 0.001 3 1 0 1 64
1 0 
0 
wdone 2 2 8 0 0 3 1 0 1 64
1 ""
0 
ws 4 2 8 0 0 2 1 0 1 64
1 "n"
2 "n" "y" 
wf1 1 1 9.99999984307e+17 -9.99999984307e+17 0 4 1 0 1 64
1 0.1025344 
0 
wf 1 1 8190 0 1e-07 4 1 3 1 64
1 1 
0 
wexp 2 2 6 0 0 3 1 3 1 64
1 "line"
0 
wp 1 1 5000000 0 0 4 1 11 1 64
1 399.780273438 
0 
wnt 2 2 6 0 0 3 1 3 1 64
1 "arrdisp"
0 
wp1 1 1 100000 0 0 4 1 3 1 64
1 2496.723051 
0 
x1 7 1 19 19 19 2 1 8192 1 64
1 20 
0 
wtfile 2 2 8 0 0 3 1 0 1 64
1 ""
0 
wshim 4 2 4 0 0 2 1 1 1 64
1 "n"
15 "e" "f" "g" "n" "s" "0" "1" "2" "3" "4" "5" "6" "7" "8" "9" 
wtfile1 2 2 8 0 0 3 1 0 1 64
1 ""
0 
x3 7 1 19 19 19 2 1 8192 1 64
1 0 
0 
x2y2 7 1 19 19 19 2 1 8194 1 64
1 -1462 
0 
x4 7 1 19 19 19 2 1 8192 1 64
1 0 
0 
z3y 7 1 19 19 19 2 1 8192 1 64
1 0 
0 
z2xy 7 1 19 19 19 2 1 8192 1 64
1 0 
0 
yz2 7 1 19 19 19 2 1 8192 1 64
1 0 
0 
y1 7 1 19 19 19 2 1 8192 1 64
1 42 
0 
xz 7 1 19 19 19 2 1 8194 1 64
1 -1315 
0 
xy 7 1 19 19 19 2 1 8194 1 64
1 -323 
0 
xz2 7 1 19 19 19 2 1 8192 1 64
1 0 
0 
y4 7 1 19 19 19 2 1 8192 1 64
1 0 
0 
y3 7 1 19 19 19 2 1 8192 1 64
1 0 
0 
yz 7 1 19 19 19 2 1 8194 1 64
1 2028 
0 
z2 7 1 19 19 19 2 1 8192 1 64
1 0 
0 
z1 7 1 19 19 19 2 1 8192 1 64
1 0 
0 
z0_ 1 1 19 19 19 2 1 73744 1 64
1 0 
0 
z1c 7 1 19 19 19 2 1 8192 1 64
1 96 
0 
z2x2y2 7 1 19 19 19 2 1 8192 1 64
1 0 
0 
z2c 7 1 19 19 19 2 1 8194 1 64
1 1308 
0 
z2x3 7 1 19 19 19 2 1 8192 1 64
1 0 
0 
z3x 7 1 19 19 19 2 1 8192 1 64
1 0 
0 
z3 7 1 19 19 19 2 1 8192 1 64
1 0 
0 
z2y3 7 1 19 19 19 2 1 8192 1 64
1 0 
0 
z3c 7 1 19 19 19 2 1 8192 1 64
1 0 
0 
z3x3 7 1 19 19 19 2 1 8192 1 64
1 0 
0 
z3x2y2 7 1 19 19 19 2 1 8192 1 64
1 0 
0 
z3xy 7 1 19 19 19 2 1 8192 1 64
1 0 
0 
z5 7 1 19 19 19 2 1 8192 1 64
1 0 
0 
z4x 7 1 19 19 19 2 1 8192 1 64
1 0 
0 
z4 7 1 19 19 19 2 1 8192 1 64
1 0 
0 
z3y3 7 1 19 19 19 2 1 8192 1 64
1 0 
0 
z4c 7 1 19 19 19 2 1 8192 1 64
1 0 
0 
z4xy 7 1 19 19 19 2 1 8192 1 64
1 0 
0 
z4x2y2 7 1 19 19 19 2 1 8192 1 64
1 0 
0 
z4y 7 1 19 19 19 2 1 8192 1 64
1 0 
0 
z7 7 1 19 19 19 2 1 8192 1 64
1 0 
0 
z5y 7 1 19 19 19 2 1 8192 1 64
1 0 
0 
z5x 7 1 19 19 19 2 1 8192 1 64
1 0 
0 
z6 7 1 19 19 19 2 1 8192 1 64
1 0 
0 
zx2y2 7 1 19 19 19 2 1 8192 1 64
1 0 
0 
z8 7 1 19 19 19 2 1 8192 1 64
1 0 
0 
zxy 7 1 19 19 19 2 1 8192 1 64
1 0 
0 
zx3 7 1 19 19 19 2 1 8192 1 64
1 0 
0 
zy3 7 1 19 19 19 2 1 8192 1 64
1 0 
0 
